##TITLE= Parameter file, TopSpin 3.6.1
##JCAMPDX= 5.0
##DATATYPE= Parameter Values
##NPOINTS= 34249	$$ modification sequence number
##ORIGIN= Bruker BioSpin GmbH
##OWNER= nmrsu
$$ 2025-06-25 09:35:20.757 +0100  ukc@CZC8417J16
$$ /opt/topspin3.6.1/conf/instr/spect/specpar
$$ process /opt/topspin3.6.1/prog/mod/hconfserver
##$HPPRECH= (0..15)
-1 -1 -1 -1 -1 -1 -1 -1 -1 -1 -1 -1 -1 -1 -1 -1
##$HPSELECT= no
##$NUC1= 14
##$NUC2= 0
##$NUC3= 0
##$NUC4= 0
##$NUC5= 0
##$NUC6= 0
##$NUC7= 0
##$NUC8= 0
##$NUCARR= (0..123)
600.05 600.05 92.111328 640.037176 457.114712 88.303874 233.202214 84.317904
64.46732 192.519886 150.882693 43.346922 60.802538 81.34552 564.611113
47.369723 158.724626 36.732871 156.354182 119.213056 242.904692 46.059838
58.792353 48.938428 28.000571 15.369111 40.383539 145.762628 33.828023
33.837042 59.826839 157.830839 33.917802 148.747703 19.428287 142.374308
53.620774 159.106096 170.43636 37.543946 144.020125 182.995472 20.931634
102.744245 114.438614 31.308941 150.336407 162.052611 23.087524 57.934485
196.339084 26.005099 29.403638 55.782436 146.869258 39.104814 39.925497
135.06121 27.633209 30.970795 19.120275 27.458888 24.288938 27.923525 127.303488
133.170147 131.205463 131.48673 196.328853 213.81137 223.762437 143.595427
77.761782 157.031537 189.314389 120.05492 166.875021 49.467648 78.70341
59.611709 66.683124 79.172397 84.760909 183.73531 32.702725 20.16168 25.022085
20.64172 149.17243 65.88549 18.421535 24.182015 144.25202 20.64172 28.92241
128.05067 17.28144 49.744145 105.004586 28.928411 68.429702 48.790066 24.044003
15.103258 71.943595 25.000405 135.158862 136.520976 13.695127 46.596283
10.308859 11.226936 128.991452 10.374865 107.473887 39.672804 342.767762
346.13187 125.534054 96.423763 11.049321 100 100 100
##$NUCOFFS= (0..127)
<1H> <15N> <13C> <19F> <31P> <11B> <> <> <> <> <> <> <> <> <> <> <> <>
<> <> <> <> <> <> <> <> <> <> <> <> <> <> <> <> <> <> <> <> <> <> <> <>
<> <> <> <> <> <> <> <> <> <> <> <> <> <> <> <> <> <> <> <> <> <> <> <>
<> <> <> <> <> <> <> <> <> <> <> <> <> <> <> <> <> <> <> <> <> <> <> <>
<> <> <> <> <> <> <> <> <> <> <> <> <> <> <> <> <> <> <> <> <> <> <> <>
<> <> <> <> <> <> <> <> <> <> <> <> <> <>
##$OFFS= (0..127)
2820.24 7174.7 16597.1 0 0 0 0 0 0 0 0 0 0 0 0 0 0 0 0 0 0 0 0 0 0 0 0
0 0 0 0 0 0 0 0 0 0 0 0 0 0 0 0 0 0 0 0 0 0 0 0 0 0 0 0 0 0 0 0 0 0 0 0
0 0 0 0 0 0 0 0 0 0 0 0 0 0 0 0 0 0 0 0 0 0 0 0 0 0 0 0 0 0 0 0 0 0 0 0
0 0 0 0 0 0 0 0 0 0 0 0 0 0 0 0 0 0 0 0 0 0 0 0 0 0 0 0 0
##$OFFSF= (0..7)
-35570.5000000626 0 0 0 0 0 0 0
##$OFFSH= (0..7)
2819.6000000662 0 0 0 0 0 0 0
##$OFFSX= (0..7)
7468.20000000525 7114.39999999897 433.40000000569 0 0 0 0 0
##$PRECHAN= (0..15)
-1 4 1 0 -1 2 5 3 -1 -1 -1 -1 -1 -1 -1 -1
##$RECPRE= (0..15)
-1 0 -1 -1 -1 -1 -1 -1 -1 -1 -1 -1 -1 -1 -1 -1
##$RECPRFX= (0..15)
1 0 0 0 0 0 0 0 0 0 0 0 0 0 0 0
##$RECSEL= (0..15)
0 0 0 0 1 0 0 0 0 0 0 0 0 0 0 0
##$SELREC= (0..9)
0 0 0 0 0 0 0 0 0 0
##$SFO1= 564.554652
##$SFO2= 564.554652
##$SFO3= 564.554652
##$SFO4= 564.554652
##$SFO5= 564.554652
##$SFO6= 564.554652
##$SFO7= 564.554652
##$SFO8= 564.554652
##END=
