##TITLE= Parameter file, TopSpin 3.5 pl 6
##JCAMPDX= 5.0
##DATATYPE= Parameter Values
##NPOINTS= 4	$$ modification sequence number
##ORIGIN= Bruker BioSpin GmbH
##OWNER= mphelan
$$ 2023-02-17 13:06:13.625 +0000  mphelan@CZC5261D3M
$$ /opt/marie/data/met_test/nmr/Morgan_1D_230216_7/163/acqu2
$$ process /opt/topspin3.5pl6/prog/au/bin/user/au_plasma_jres
##$ACQT0= 0
##$BF1= 700.17
##$FnMODE= 1
##$NUC1= <1H>
##$NusJSP= 0
##$NusT2= 1
##$NusTD= 0
##$O1= 3292.09999995328
##$ProjAngle= 0
##$SFO1= 700.1732921
##$SW= 0.111400992982834
##$SW_h= 77.9999999999999
##$TD= 40
##END=
