##TITLE= Parameter file, TopSpin 3.5 pl 6
##JCAMPDX= 5.0
##DATATYPE= Parameter Values
##NPOINTS= 1	$$ modification sequence number
##ORIGIN= Bruker BioSpin GmbH
##OWNER= mphelan
$$ 2023-02-17 09:33:50.047 +0000  mphelan@CZC5261D3M
$$ /opt/marie/data/met_test/nmr/Morgan_1D_230216_7/120/scon2
$$ process /opt/topspin3.5pl6/prog/mod/go4
##$BLKTR= (0..19)
3 3 3 3 3 3 3 3 3 3 3 3 3 3 3 3 3 3 3 3
##$DE1= 4.5
##$DEADC= 0.5
##$DEPA= 4.5
##$DERX= 1.5
##$FILCOR= 0.5
##$GRADCHAN= 0
##$GRADPRE= (0..1)
10 10
##$HD_BLKTR= (0..19)
1 1 1 1 1 1 1 1 1 1 1 1 1 1 1 1 1 1 1 1
##$HD_DE1= 5
##$HD_DEADC= 0
##$HD_DEPA= 2.5
##$HD_DERX= 0
##END=
