##TITLE= Parameter file, TopSpin 3.5 pl 6
##JCAMPDX= 5.0
##DATATYPE= Parameter Values
##NPOINTS= 42	$$ modification sequence number
##ORIGIN= Bruker BioSpin GmbH
##OWNER= mphelan
$$ 2023-02-16 14:06:05.151 +0000  mphelan@CZC5261D3M
$$ /opt/marie/data/met_test/nmr/Morgan_1D_230216_7/213/acqu2s
$$ process /opt/topspin3.5pl6/prog/mod/go4
##$ACQT0= 0
##$BF1= 700.17
##$FnMODE= 1
##$NUC1= <1H>
##$NusJSP= 0
##$NusT2= 1
##$NusTD= 40
##$O1= 3292.09999995328
##$ProjAngle= 0
##$SFO1= 700.1732921
##$SW= 0.111400235461233
##$SW_h= 77.9994696036067
##$TD= 40
##END=
